GEM
  remote: https://rubygems.org/
  specs:
    deploy_dply (0.2.12)
      rake
    rake (12.3.1)

PLATFORMS
  ruby

DEPENDENCIES
  deploy_dply

BUNDLED WITH
   1.15.0
